GEM
  remote: https://rubygems.org/
  specs:
    dotenv (2.2.1)
    httpclient (2.8.3)
    json (2.2.0)
    mediawiki-butt (3.0.0)
      httpclient (~> 2.8)
    mini_portile2 (2.4.0)
    nokogiri (1.10.3)
      mini_portile2 (~> 2.4.0)
    rainbow (3.0.0)
    w3c_validators (1.3.4)
      json (>= 1.8)
      nokogiri (~> 1.6)

PLATFORMS
  ruby

DEPENDENCIES
  dotenv (~> 2.2)
  mediawiki-butt (~> 3.0)
  rainbow (~> 3.0)
  w3c_validators (~> 1.3)

RUBY VERSION
   ruby 2.6.3p62

BUNDLED WITH
   1.17.3
