GEM
  remote: https://rubygems.org/
  specs:
    dotenv (2.2.1)
    httpclient (2.8.3)
    mediawiki-butt (3.0.0)
      httpclient (~> 2.8)

PLATFORMS
  ruby

DEPENDENCIES
  dotenv (~> 2.2)
  mediawiki-butt (~> 3.0)

RUBY VERSION
   ruby 2.6.3p62

BUNDLED WITH
   1.17.3
