GEM
  remote: https://rubygems.org/
  specs:
    dotenv (2.7.5)
    json (2.3.0)
    mediawiki-butt (4.0.1)
      patron (~> 0.13)
    mini_portile2 (2.4.0)
    nokogiri (1.10.9)
      mini_portile2 (~> 2.4.0)
    patron (0.13.3)
    rainbow (3.0.0)
    w3c_validators (1.3.5)
      json (>= 1.8)
      nokogiri (~> 1.6)

PLATFORMS
  ruby

DEPENDENCIES
  dotenv (~> 2.2)
  mediawiki-butt (~> 4.0)
  nokogiri (~> 1.10)
  rainbow (~> 3.0)
  w3c_validators (~> 1.3)

RUBY VERSION
   ruby 2.6.5p114

BUNDLED WITH
   2.0.2
