GEM
  specs:
    dotenv (2.2.1)
    httpclient (2.8.3)
    mediawiki-butt (3.0.0)
      httpclient (~> 2.8)

PLATFORMS
  ruby

DEPENDENCIES
  dotenv (~> 2.2)
  mediawiki-butt (~> 3.0)

RUBY VERSION
   ruby 2.5.0p-1

BUNDLED WITH
   1.16.0
